PATH
  remote: .
  specs:
    Toddler (0.1.0)
      faraday (~> 0.15)

GEM
  remote: https://rubygems.org/
  specs:
    addressable (2.8.1)
      public_suffix (>= 2.0.2, < 6.0)
    crack (0.4.3)
      safe_yaml (~> 1.0.0)
    faraday (0.15.2)
      multipart-post (>= 1.2, < 3)
    hashdiff (1.0.0)
    minitest (5.11.3)
    multipart-post (2.0.0)
    public_suffix (5.0.0)
    rake (10.5.0)
    safe_yaml (1.0.5)
    webmock (3.6.2)
      addressable (>= 2.3.6)
      crack (>= 0.3.2)
      hashdiff (>= 0.4.0, < 2.0.0)

PLATFORMS
  ruby

DEPENDENCIES
  Toddler!
  bundler (~> 1.17)
  minitest (~> 5.0)
  rake (~> 10.0)
  webmock (~> 3.6)

BUNDLED WITH
   1.17.1
